GEM
  remote: https://rubygems.org/
  specs:
    activesupport (5.0.1)
      concurrent-ruby (~> 1.0, >= 1.0.2)
      i18n (~> 0.7)
      minitest (~> 5.1)
      tzinfo (~> 1.1)
    cog-rb (0.4.4)
      rake (~> 11.2)
    concurrent-ruby (1.0.4)
    dogapi (1.25.0)
      multi_json
    i18n (0.8.0)
    minitest (5.10.1)
    multi_json (1.12.1)
    rake (11.3.0)
    thread_safe (0.3.5)
    tzinfo (1.2.2)
      thread_safe (~> 0.1)

PLATFORMS
  ruby

DEPENDENCIES
  activesupport (~> 5.0.1)
  cog-rb (~> 0.4.4)
  dogapi (~> 1.25.0)

BUNDLED WITH
   1.14.3
